GEM
  remote: https://rubygems.org/
  specs:
    blankslate (2.1.2.4)
    capistrano (3.4.0)
      i18n
      rake (>= 10.0.0)
      sshkit (~> 1.3)
    celluloid (0.16.0)
      timers (~> 4.0.0)
    classifier-reborn (2.0.3)
      fast-stemmer (~> 1.0)
    coffee-script (2.4.1)
      coffee-script-source
      execjs
    coffee-script-source (1.9.1)
    colorator (0.1)
    colorize (0.7.5)
    dotenv (2.0.1)
    execjs (2.5.2)
    fast-stemmer (1.0.2)
    ffi (1.9.6)
    hitimes (1.2.2)
    i18n (0.7.0)
    jekyll (2.5.3)
      classifier-reborn (~> 2.0)
      colorator (~> 0.1)
      jekyll-coffeescript (~> 1.0)
      jekyll-gist (~> 1.0)
      jekyll-paginate (~> 1.0)
      jekyll-sass-converter (~> 1.0)
      jekyll-watch (~> 1.1)
      kramdown (~> 1.3)
      liquid (~> 2.6.1)
      mercenary (~> 0.3.3)
      pygments.rb (~> 0.6.0)
      redcarpet (~> 3.1)
      safe_yaml (~> 1.0)
      toml (~> 0.1.0)
    jekyll-coffeescript (1.0.1)
      coffee-script (~> 2.2)
    jekyll-gist (1.1.0)
    jekyll-paginate (1.1.0)
    jekyll-sass-converter (1.3.0)
      sass (~> 3.2)
    jekyll-watch (1.2.1)
      listen (~> 2.7)
    kramdown (1.5.0)
    liquid (2.6.2)
    listen (2.8.5)
      celluloid (>= 0.15.2)
      rb-fsevent (>= 0.9.3)
      rb-inotify (>= 0.9)
    mercenary (0.3.5)
    net-scp (1.2.1)
      net-ssh (>= 2.6.5)
    net-ssh (2.9.2)
    parslet (1.5.0)
      blankslate (~> 2.0)
    posix-spawn (0.3.10)
    pygments.rb (0.6.2)
      posix-spawn (~> 0.3.6)
      yajl-ruby (~> 1.2.0)
    rake (10.4.2)
    rb-fsevent (0.9.4)
    rb-inotify (0.9.5)
      ffi (>= 0.5.0)
    redcarpet (3.2.2)
    safe_yaml (1.0.4)
    sass (3.4.13)
    sshkit (1.7.1)
      colorize (>= 0.7.0)
      net-scp (>= 1.1.2)
      net-ssh (>= 2.8.0)
    timers (4.0.1)
      hitimes
    toml (0.1.2)
      parslet (~> 1.5.0)
    yajl-ruby (1.2.1)

PLATFORMS
  ruby

DEPENDENCIES
  capistrano (~> 3.4.0)
  dotenv (~> 2.0.1)
  jekyll
